GIT
  remote: git@github.com:phemmer/ruby-corosync-commander.git
  revision: 6bc2db8d19cc628644041f67b839a255eff70900
  branch: phemmer
  specs:
    corosync-commander (0.0.2)
      corosync (~> 0.0.3)

GIT
  remote: git@github.com:phemmer/ruby-corosync.git
  revision: 86e5b606809ad8d6d6813cec4dba13bd00689f6a
  branch: phemmer
  specs:
    corosync (0.0.3)
      ffi (~> 1.9)

GIT
  remote: git@github.com:phemmer/ruby-syslogio.git
  revision: 2e8896c5b7fd3c41bb459d0d2c7374e2587dcb57
  specs:
    syslogio (0.0.1)

GIT
  remote: git@github.com:pub-burrito/foreman.git
  revision: bf2db433aa700d2d1ac931e65ee83743163920d0
  branch: cloudcom
  specs:
    foreman (0.63.0)
      dotenv (>= 0.7)
      thor (>= 0.13.6)

GEM
  remote: https://rubygems.org/
  specs:
    aws-sdk (1.32.0)
      json (~> 1.4)
      nokogiri (>= 1.4.4)
      uuidtools (~> 2.1)
    diff-lcs (1.2.5)
    dotenv (0.9.0)
    ffi (1.9.3)
    json (1.8.1)
    mini_portile (0.5.2)
    nokogiri (1.6.1)
      mini_portile (~> 0.5.0)
    rake (10.1.1)
    rspec (2.14.1)
      rspec-core (~> 2.14.0)
      rspec-expectations (~> 2.14.0)
      rspec-mocks (~> 2.14.0)
    rspec-core (2.14.7)
    rspec-expectations (2.14.4)
      diff-lcs (>= 1.1.3, < 2.0)
    rspec-mocks (2.14.4)
    thor (0.18.1)
    uuidtools (2.1.4)

PLATFORMS
  ruby

DEPENDENCIES
  aws-sdk
  corosync!
  corosync-commander!
  foreman!
  json
  rake
  rspec
  syslogio!
