GIT
  remote: git@github.com:phemmer/ruby-corosync-commander.git
  revision: e10e6b3ba0bd41c26672da637417de0b43128a05
  specs:
    corosync-commander (0.0.2)
      corosync (~> 0.0.3)

GIT
  remote: git@github.com:phemmer/ruby-corosync.git
  revision: 67106786ed3d959f917ba373545e7bb97b68c625
  specs:
    corosync (0.0.3)
      ffi (~> 1.9)

GEM
  remote: https://rubygems.org/
  specs:
    aws-sdk (1.32.0)
      json (~> 1.4)
      nokogiri (>= 1.4.4)
      uuidtools (~> 2.1)
    ffi (1.9.3)
    json (1.8.1)
    mini_portile (0.5.2)
    nokogiri (1.6.1)
      mini_portile (~> 0.5.0)
    uuidtools (2.1.4)

PLATFORMS
  ruby

DEPENDENCIES
  aws-sdk
  corosync!
  corosync-commander!
